PATH
  remote: .
  specs:
    anystream (0.0.0)

GEM
  remote: https://rubygems.org/
  specs:
    connection_pool (2.2.2)
    diff-lcs (1.3)
    rake (10.5.0)
    redis (4.0.3)
    rspec (3.8.0)
      rspec-core (~> 3.8.0)
      rspec-expectations (~> 3.8.0)
      rspec-mocks (~> 3.8.0)
    rspec-core (3.8.0)
      rspec-support (~> 3.8.0)
    rspec-expectations (3.8.2)
      diff-lcs (>= 1.2.0, < 2.0)
      rspec-support (~> 3.8.0)
    rspec-mocks (3.8.0)
      diff-lcs (>= 1.2.0, < 2.0)
      rspec-support (~> 3.8.0)
    rspec-support (3.8.0)

PLATFORMS
  ruby

DEPENDENCIES
  anystream!
  bundler (~> 1.16)
  connection_pool
  rake (~> 10.0)
  redis
  rspec (~> 3.0)

BUNDLED WITH
   1.16.1
